PATH
  remote: sequelizer
  specs:
    sequelizer (0.1.0)
      dotenv (~> 2.1)
      hashie (~> 3.2)
      sequel (~> 4.12)
      thor (~> 0.19)

PATH
  remote: sqltorial
  specs:
    sqltorial (0.0.5)
      anbt-sql-formatter (~> 0.0.3)
      escort (~> 0.4.0)
      facets (~> 3.0)
      listen (~> 3.0)
      sequelizer (>= 0.0.6)

GEM
  remote: https://rubygems.org/
  specs:
    anbt-sql-formatter (0.0.5)
    dotenv (2.2.0)
    escort (0.4.0)
      nesty
    facets (3.1.0)
    ffi (1.9.18)
    hashie (3.5.5)
    listen (3.1.5)
      rb-fsevent (~> 0.9, >= 0.9.4)
      rb-inotify (~> 0.9, >= 0.9.7)
      ruby_dep (~> 1.2)
    nesty (1.0.2)
    pg (0.19.0)
    rb-fsevent (0.9.8)
    rb-inotify (0.9.8)
      ffi (>= 0.5.0)
    ruby_dep (1.5.0)
    sequel (4.44.0)
    thor (0.19.4)

PLATFORMS
  ruby

DEPENDENCIES
  pg
  sequelizer!
  sqltorial!

BUNDLED WITH
   1.14.5
